{
  "aor": 0.002659767441860465,
  "aqi": 0.009762424511627907,
  "bids_meta": {
    "AcquisitionMatrix": [
      64,
      0,
      0,
      64
    ],
    "AngioFlag": "N",
    "EchoNumber": 0,
    "EchoTime": 0.025,
    "EchoTrainLength": 1,
    "FlipAngle": 70,
    "ImagedNucleus": "1H",
    "ImagingFrequency": 123.255411,
    "MRAcquisition Type ": "2D",
    "MagneticFieldStrength": 3,
    "Manufacturer": "SIEMENS",
    "ManufacturerModelName": "Allegra",
    "NumberOfAverages": 1,
    "NumberOfPhaseEncodingSteps": 64,
    "PatientPosition": "HFS",
    "PercentPhaseFieldOfView": 100,
    "PercentSampling": 100,
    "PhaseEncodingDirection": "j-",
    "PixelBandwidth": 3125,
    "PixelSpacing": [
      3.125,
      3.125
    ],
    "ProtocolName": "ep2d_bold_ANTReward",
    "RepetitionTime": 1.5,
    "ScanOptions": "FS",
    "ScanningSequence": [
      "SE",
      "EP"
    ],
    "SequenceName": "*epfid2d1_64",
    "SequenceVariant": "SK",
    "SeriesDescription": "ep2d_bold_ANTReward",
    "SliceThickness": 4,
    "SliceTiming": [
      0.0,
      0.7759,
      0.0517,
      0.8276,
      0.1034,
      0.8793,
      0.1552,
      0.931,
      0.2069,
      0.9828,
      0.2586,
      1.0345,
      0.3103,
      1.0862,
      0.3621,
      1.1379,
      0.4138,
      1.1897,
      0.4655,
      1.2414,
      0.5172,
      1.2931,
      0.569,
      1.3448,
      0.6207,
      1.3966,
      0.6724,
      1.4483,
      0.7241
    ],
    "SoftwareVersion": "syngo MR 2004A 4VA25A",
    "SpacingBetweenSlices": 3.9999999364499,
    "TaskDescription": "At the onset of each AS trial, participants were first presented with one of two incentive cues (1500 ms). For rewarded trials, the cue consisted of three rectangles containing dollar signs ($ $ $), indicating that money could be earned on that trial if correctly performed. Participants were told that they could win up to US $25 based on their performance during the task. However, they did not know how much they could win on any given trial in order to prevent them from keeping a running tally of their earnings and invoking processes (i.e. working memory) separate from inhibitory control and reward processing. For neutral trials, the three consecutive rectangles each contained a dash (– – –), which indicated that no monetary gain was at stake for that trial. After the initial cue, a central red fixation cross subtending ∼0.7 degrees of visual angle appeared (3000 ms), instructing participants to prepare for the target stimulus. The red central fixation then disappeared and a horizontally peripheral target stimulus (yellow spot, subtending ∼0.5 degrees) appeared (1500 ms) at an unpredictable location on the horizontal meridian (+/- 3 , 6, or 9 degrees). Participants were instructed to refrain from looking at the stimulus when it appeared but instead move their eyes to its mirror location. Target location was randomized within each run. During the VGS trials, participants were presented with a green fixation cross (1500 ms) which instructed them to look toward the peripheral stimulus when it appeared. No incentive cue was provided for VGS trials. The VGS trials were randomly interspersed between the AS trials to minimize the possibility that participants would establish an inhibitory response set (Velanova et al., 2009), but were not further analyzed. As indicated in previous studies, (Ollinger et al., 2001b; Ollinger et al., 2001a), the inter-trial fixation period was jittered between intervals of 1.5, 3, or 4.5 s (uniformly distributed) and consisted of participants simply fixating a central white cross on a black background. Participants performed three functional runs of the task (5 min 2 s each in duration) for a total of 30 reward AS trials, 30 neutral AS trials and 15 VGS trials.",
    "TaskName": "antisaccade task with fixed order",
    "TransmittingCoil": "Head_3T",
    "VariableFlipAngle": "N",
    "dataset": "ds000120",
    "modality": "bold",
    "run_id": 2,
    "subject_id": "15",
    "task_id": "antisaccadetaskwithfixedorder"
  },
  "dummy_trs": 1,
  "dvars_nstd": 23.928584758551384,
  "dvars_std": 1.1423070925233643,
  "dvars_vstd": 1.0338559477570093,
  "efc": 0.558588610353856,
  "fber": 2977.296142578125,
  "fd_mean": 0.14457822156822508,
  "fd_num": 29,
  "fd_perc": 13.488372093023257,
  "fwhm_avg": 1.9480722000000001,
  "fwhm_x": 1.8437504000000002,
  "fwhm_y": 2.2281312,
  "fwhm_z": 1.772335,
  "gcor": 0.0340846,
  "gsr_x": -0.014142803847789764,
  "gsr_y": 0.03305225819349289,
  "provenance": {
    "md5sum": "4ba7841752fc2a7f10fb5634f06fb286",
    "settings": {
      "fd_thres": 0.2,
      "testing": false
    },
    "software": "mriqc",
    "version": "22.0.0rc1",
    "webapi_port": null,
    "webapi_url": "https://mriqc.nimh.nih.gov/api/v1"
  },
  "size_t": 215,
  "size_x": 64,
  "size_y": 64,
  "size_z": 29,
  "snr": 8.221256680356746,
  "spacing_tr": 1.5,
  "spacing_x": 3.125,
  "spacing_y": 3.125,
  "spacing_z": 4.0,
  "summary_bg_k": 27.717465013201014,
  "summary_bg_mad": 3.6340987206169637,
  "summary_bg_mean": 26.980607986450195,
  "summary_bg_median": 10.637208938598633,
  "summary_bg_n": 63351.0,
  "summary_bg_p05": 7.944186210632324,
  "summary_bg_p95": 92.66511535644531,
  "summary_bg_stdv": 46.791934967041016,
  "summary_fg_k": 2.839888043736612,
  "summary_fg_mad": 65.61379004581791,
  "summary_fg_mean": 610.7086791992188,
  "summary_fg_median": 606.7511596679688,
  "summary_fg_n": 26724.0,
  "summary_fg_p05": 503.14022674560545,
  "summary_fg_p95": 731.527178955078,
  "summary_fg_stdv": 73.80134582519531,
  "tsnr": 64.81635588593781
}